GEM
  remote: https://rubygems.org/
  specs:
    cinch (2.0.12)
    eventmachine (1.0.3)
    faye-websocket (0.7.2)
      eventmachine (>= 0.12.0)
      websocket-driver (>= 0.3.1)
    mini_portile (0.5.2)
    nokogiri (1.6.0)
      mini_portile (~> 0.5.0)
    websocket-driver (0.3.2)

PLATFORMS
  ruby

DEPENDENCIES
  cinch
  faye-websocket
  nokogiri (~> 1.6.0)
