GEM
  remote: https://rubygems.org/
  specs:
    cinch (2.1.0)
    deepopenstruct (0.1.2)
    dotenv (1.0.2)
    eventmachine (1.0.3)
    faye-websocket (0.7.5)
      eventmachine (>= 0.12.0)
      websocket-driver (>= 0.3.5)
    json (1.8.1)
    mini_portile (0.6.0)
    nokogiri (1.6.3.1)
      mini_portile (= 0.6.0)
    rottentomatoes (1.1.0)
      deepopenstruct (>= 0.1.2)
      json
    similar_text (0.0.4)
    websocket-driver (0.3.5)

PLATFORMS
  ruby

DEPENDENCIES
  cinch
  dotenv
  faye-websocket
  nokogiri (~> 1.6.0)
  rottentomatoes
  similar_text
