GEM
  remote: https://rubygems.org/
  specs:
    cinch (2.0.12)
    mini_portile (0.5.2)
    nokogiri (1.6.0)
      mini_portile (~> 0.5.0)
    rb-appscript (0.6.1)

PLATFORMS
  ruby

DEPENDENCIES
  cinch
  nokogiri (~> 1.6.0)
  rb-appscript
