GEM
  remote: https://rubygems.org/
  specs:
    cinch (2.1.0)
    cleverbot (0.2.0)
      httparty (>= 0.8.1, < 1.0)
    deepopenstruct (0.1.2)
    domain_name (0.5.22)
      unf (>= 0.0.5, < 1.0.0)
    dotenv (1.0.2)
    eventmachine (1.0.3)
    faye-websocket (0.7.5)
      eventmachine (>= 0.12.0)
      websocket-driver (>= 0.3.5)
    http-cookie (1.0.2)
      domain_name (~> 0.5)
    httparty (0.13.1)
      json (~> 1.8)
      multi_xml (>= 0.5.2)
    json (1.8.1)
    mechanize (2.7.3)
      domain_name (~> 0.5, >= 0.5.1)
      http-cookie (~> 1.0)
      mime-types (~> 2.0)
      net-http-digest_auth (~> 1.1, >= 1.1.1)
      net-http-persistent (~> 2.5, >= 2.5.2)
      nokogiri (~> 1.4)
      ntlm-http (~> 0.1, >= 0.1.1)
      webrobots (>= 0.0.9, < 0.2)
    mime-types (2.4.3)
    mini_portile (0.5.2)
    multi_xml (0.5.5)
    net-http-digest_auth (1.4)
    net-http-persistent (2.9.4)
    nokogiri (1.6.0)
      mini_portile (~> 0.5.0)
    ntlm-http (0.1.1)
    rottentomatoes (1.1.0)
      deepopenstruct (>= 0.1.2)
      json
    similar_text (0.0.4)
    unf (0.1.4)
      unf_ext
    unf_ext (0.0.6)
    webrobots (0.1.1)
    websocket-driver (0.3.5)

PLATFORMS
  ruby

DEPENDENCIES
  cinch
  cleverbot
  dotenv
  faye-websocket
  mechanize
  nokogiri (= 1.6.0)
  rottentomatoes
  similar_text
